GEM
  remote: https://rubygems.org/
  specs:
    date (3.4.1)
    psych (5.2.2)
      date
      stringio
    rake (10.1.0)
    rdoc (6.10.0)
      psych (>= 4.0.0)
    stringio (3.1.2)

PLATFORMS
  ruby

DEPENDENCIES
  rake
  rdoc
